GEM
  remote: https://rubygems.com/
  specs:
    rake (10.0.3)

PLATFORMS
  ruby

DEPENDENCIES
  rake
